GEM
  remote: https://rubygems.org/
  specs:
    date (3.3.3)
    nokogiri (1.13.10-arm64-darwin)
      racc (~> 1.4)
    open-uri (0.3.0)
      stringio
      time
      uri
    racc (1.6.2)
    stringio (3.0.4)
    time (0.2.1)
      date
    uri (0.12.0)

PLATFORMS
  arm64-darwin-20

DEPENDENCIES
  nokogiri
  open-uri
  uri

BUNDLED WITH
   2.3.6
